GEM
  remote: http://rubygems.org/
  specs:
    PageRankr (3.2.1)
      json (>= 1.4.6)
      jsonpath (>= 0.4.2)
      nokogiri (>= 1.4.1)
      public_suffix (>= 0.9.0)
      typhoeus (>= 0.2.1)
    RedCloth (4.3.2)
    chunky_png (1.3.8)
    classifier (1.3.4)
      fast-stemmer (>= 1.0.0)
    compass (0.12.7)
      chunky_png (~> 1.2)
      fssm (>= 0.2.7)
      sass (~> 3.2.19)
    directory_watcher (1.5.1)
    ethon (0.11.0)
      ffi (>= 1.3.0)
    fast-stemmer (1.0.2)
    ffi (1.9.25)
    fssm (0.2.10)
    haml (4.0.7)
      tilt
    jekyll (0.12.1)
      classifier (~> 1.3)
      directory_watcher (~> 1.1)
      kramdown (~> 0.14)
      liquid (~> 2.3)
      maruku (~> 0.5)
      pygments.rb (~> 0.3.2)
    json (2.1.0)
    jsonpath (0.9.2)
      multi_json
      to_regexp (~> 0.2.1)
    kramdown (0.14.2)
    liquid (2.3.0)
    maruku (0.7.3)
    mini_portile2 (2.3.0)
    multi_json (1.13.1)
    nokogiri (1.8.3)
      mini_portile2 (~> 2.3.0)
    octopress-popular-posts (0.1.0)
      PageRankr (~> 3.2.1)
    posix-spawn (0.3.13)
    public_suffix (3.0.2)
    pygments.rb (0.3.7)
      posix-spawn (~> 0.3.6)
      yajl-ruby (~> 1.1.0)
    rack (1.6.5)
    rack-protection (1.5.3)
      rack
    rake (10.1.1)
    rb-fsevent (0.9.8)
    rdiscount (1.6.8)
    rubypants (0.2.0)
    sass (3.2.19)
    sass-globbing (1.0.0)
      sass (>= 3.1)
    sinatra (1.4.8)
      rack (~> 1.5)
      rack-protection (~> 1.4)
      tilt (>= 1.3, < 3)
    stringex (1.4.0)
    tilt (2.0.6)
    to_regexp (0.2.1)
    typhoeus (1.3.0)
      ethon (>= 0.9.0)
    yajl-ruby (1.1.0)

PLATFORMS
  ruby

DEPENDENCIES
  RedCloth (~> 4.3.0)
  compass (~> 0.12.2)
  haml (~> 4.0.5)
  jekyll (~> 0.12)
  liquid (~> 2.3.0)
  octopress-popular-posts (>= 0.1.0)
  pygments.rb (~> 0.3.4)
  rake (~> 10.1.0)
  rb-fsevent (~> 0.9)
  rdiscount (~> 1.6.8)
  rubypants (~> 0.2.0)
  sass-globbing (~> 1.0.0)
  sinatra (~> 1.4.2)
  stringex (~> 1.4.0)

BUNDLED WITH
   1.16.1
